GEM
  remote: https://rubygems.org/
  specs:
    blinky (0.0.3)
      ruby-usb (>= 0.2.1)
    coderay (1.0.5)
    foreman (0.39.0)
      term-ansicolor (~> 1.0.7)
      thor (>= 0.13.6)
    jenkins-remote-api (0.0.4)
      libxml-ruby (~> 2.2.2)
      mechanize (~> 2.0.1)
      terminal-table
      thor
    libxml-ruby (2.2.2)
    mechanize (2.0.1)
      net-http-digest_auth (~> 1.1, >= 1.1.1)
      net-http-persistent (~> 1.8)
      nokogiri (~> 1.4)
      webrobots (~> 0.0, >= 0.0.9)
    method_source (0.7.1)
    net-http-digest_auth (1.2)
    net-http-persistent (1.9)
    nokogiri (1.4.7)
    pry (0.9.8.4)
      coderay (~> 1.0.5)
      method_source (~> 0.7.1)
      slop (>= 2.4.4, < 3)
    rake (0.9.2.2)
    ruby-usb (0.2.1)
    rufus-scheduler (2.0.16)
      tzinfo (>= 0.3.23)
    slop (2.4.4)
    term-ansicolor (1.0.7)
    terminal-table (1.4.5)
    thor (0.14.6)
    tzinfo (0.3.32)
    webrobots (0.0.13)

PLATFORMS
  ruby

DEPENDENCIES
  blinky
  foreman
  jenkins-remote-api
  pry
  rake
  rufus-scheduler
